PATH
  remote: .
  specs:
    vines-core (0.4.5)
      bcrypt-ruby (~> 3.0.1)
      em-http-request (~> 1.0.3)
      eventmachine (>= 1.0.0.beta.4)
      http_parser.rb (~> 0.5.3)
      nokogiri (~> 1.5.5)

GEM
  remote: http://rubygems.org/
  specs:
    addressable (2.3.2)
    bcrypt-ruby (3.0.1)
    cookiejar (0.3.0)
    em-http-request (1.0.3)
      addressable (>= 2.2.3)
      cookiejar
      em-socksify
      eventmachine (>= 1.0.0.beta.4)
      http_parser.rb (>= 0.5.3)
    em-socksify (0.2.1)
      eventmachine (>= 1.0.0.beta.4)
    eventmachine (1.0.0.rc.4)
    http_parser.rb (0.5.3)
    minitest (3.4.0)
    nokogiri (1.5.5)
    rake (0.9.2.2)

PLATFORMS
  ruby

DEPENDENCIES
  minitest (~> 3.4.0)
  rake
  vines-core!
